GEM
  remote: https://rubygems.org/
  specs:

PLATFORMS
  universal-darwin-20
  universal-darwin-21

DEPENDENCIES

BUNDLED WITH
   2.2.11
